GEM
  remote: http://rubygems.org/
  specs:
    docker-api (1.34.2)
      excon (>= 0.47.0)
      multi_json
    excon (0.62.0)
    multi_json (1.13.1)

PLATFORMS
  ruby

DEPENDENCIES
  docker-api

BUNDLED WITH
   2.0.1
